PATH
  remote: .
  specs:
    hiera-eyaml-gkms (0.0.2)
      hiera-eyaml (>= 1.3.8)

GEM
  remote: https://rubygems.org/
  specs:
    ast (2.4.0)
    hiera-eyaml (3.0.0)
      highline (~> 1.6.19)
      optimist
    highline (1.6.21)
    jaro_winkler (1.5.2)
    optimist (3.0.0)
    parallel (1.14.0)
    parser (2.6.0.0)
      ast (~> 2.4.0)
    powerpack (0.1.2)
    psych (3.1.0)
    rainbow (3.0.0)
    rake (12.3.2)
    rubocop (0.65.0)
      jaro_winkler (~> 1.5.1)
      parallel (~> 1.10)
      parser (>= 2.5, != 2.5.1.1)
      powerpack (~> 0.1)
      psych (>= 3.1.0)
      rainbow (>= 2.2.2, < 4.0)
      ruby-progressbar (~> 1.7)
      unicode-display_width (~> 1.4.0)
    ruby-progressbar (1.10.0)
    unicode-display_width (1.4.1)

PLATFORMS
  ruby
  x86_64-darwin-18

DEPENDENCIES
  hiera-eyaml-gkms!
  rake
  rubocop

BUNDLED WITH
   2.0.1
